GEM
  remote: https://rubygems.org/
  specs:
    coderay (1.1.3)
    combine_pdf (1.0.23)
      matrix
      ruby-rc4 (>= 0.1.5)
    matrix (0.4.2)
    method_source (1.0.0)
    pdf-core (0.9.0)
    prawn (2.4.0)
      pdf-core (~> 0.9.0)
      ttfunk (~> 1.7)
    pry (0.14.1)
      coderay (~> 1.1)
      method_source (~> 1.0)
    ruby-rc4 (0.1.5)
    ttfunk (1.7.0)

PLATFORMS
  ruby

DEPENDENCIES
  combine_pdf
  prawn
  pry

BUNDLED WITH
   1.17.2
